PATH
  remote: .
  specs:
    redshift-connector (5.0.0)
      activerecord (~> 5.0)
      activerecord-import
      activerecord5-redshift-adapter
      aws-sdk (~> 2.0)
      pg (~> 0.18.0)

GEM
  remote: https://rubygems.org/
  specs:
    activemodel (5.0.1)
      activesupport (= 5.0.1)
    activerecord (5.0.1)
      activemodel (= 5.0.1)
      activesupport (= 5.0.1)
      arel (~> 7.0)
    activerecord-import (0.17.1)
      activerecord (>= 3.2)
    activerecord5-redshift-adapter (0.0.1)
      activerecord (~> 5.0.0)
      pg (>= 0.18)
    activesupport (5.0.1)
      concurrent-ruby (~> 1.0, >= 1.0.2)
      i18n (~> 0.7)
      minitest (~> 5.1)
      tzinfo (~> 1.1)
    arel (7.1.4)
    aws-sdk (2.7.8)
      aws-sdk-resources (= 2.7.8)
    aws-sdk-core (2.7.8)
      aws-sigv4 (~> 1.0)
      jmespath (~> 1.0)
    aws-sdk-resources (2.7.8)
      aws-sdk-core (= 2.7.8)
    aws-sigv4 (1.0.0)
    coderay (1.1.1)
    concurrent-ruby (1.0.4)
    i18n (0.8.0)
    jmespath (1.3.1)
    method_source (0.8.2)
    minitest (5.10.1)
    mysql2 (0.4.5)
    pg (0.18.4)
    power_assert (1.0.1)
    pry (0.10.4)
      coderay (~> 1.1.0)
      method_source (~> 0.8.1)
      slop (~> 3.4)
    rake (12.0.0)
    slop (3.6.0)
    test-unit (3.2.3)
      power_assert
    thread_safe (0.3.5)
    tzinfo (1.2.2)
      thread_safe (~> 0.1)

PLATFORMS
  ruby

DEPENDENCIES
  mysql2
  pry
  rake
  redshift-connector!
  test-unit

BUNDLED WITH
   1.14.3
