PATH
  remote: .
  specs:
    redshift-connector (4.3.0)
      activerecord (< 5)
      activerecord-import
      activerecord4-redshift-adapter
      aws-sdk (~> 2.0)
      pg (~> 0.18.0)

GEM
  remote: https://rubygems.org/
  specs:
    activemodel (4.2.7.1)
      activesupport (= 4.2.7.1)
      builder (~> 3.1)
    activerecord (4.2.7.1)
      activemodel (= 4.2.7.1)
      activesupport (= 4.2.7.1)
      arel (~> 6.0)
    activerecord-import (0.17.1)
      activerecord (>= 3.2)
    activerecord4-redshift-adapter (0.2.1)
      activerecord (~> 4.2.0)
      pg
    activesupport (4.2.7.1)
      i18n (~> 0.7)
      json (~> 1.7, >= 1.7.7)
      minitest (~> 5.1)
      thread_safe (~> 0.3, >= 0.3.4)
      tzinfo (~> 1.1)
    arel (6.0.4)
    aws-sdk (2.7.8)
      aws-sdk-resources (= 2.7.8)
    aws-sdk-core (2.7.8)
      aws-sigv4 (~> 1.0)
      jmespath (~> 1.0)
    aws-sdk-resources (2.7.8)
      aws-sdk-core (= 2.7.8)
    aws-sigv4 (1.0.0)
    builder (3.2.3)
    coderay (1.1.1)
    i18n (0.8.0)
    jmespath (1.3.1)
    json (1.8.6)
    method_source (0.8.2)
    minitest (5.10.1)
    mysql2 (0.4.5)
    pg (0.18.4)
    power_assert (0.4.1)
    pry (0.10.4)
      coderay (~> 1.1.0)
      method_source (~> 0.8.1)
      slop (~> 3.4)
    rake (12.0.0)
    slop (3.6.0)
    test-unit (3.2.3)
      power_assert
    thread_safe (0.3.5)
    tzinfo (1.2.2)
      thread_safe (~> 0.1)

PLATFORMS
  ruby

DEPENDENCIES
  mysql2
  pry
  rake
  redshift-connector!
  test-unit

BUNDLED WITH
   1.14.3
